GEM
  remote: https://rubygems.org/
  specs:
    airbrussh (1.1.2)
      sshkit (>= 1.6.1, != 1.7.0)
    capistrano (3.8.0)
      airbrussh (>= 1.0.0)
      i18n
      rake (>= 10.0.0)
      sshkit (>= 1.9.0)
    capistrano-cachetool (1.0.3)
    capistrano-composer (0.0.6)
      capistrano (>= 3.0.0.pre)
    capistrano-deploytags (1.0.7)
      capistrano (>= 3.7.0)
    capistrano-file-permissions (1.0.0)
      capistrano (~> 3.0)
    capistrano-sumo (1.1.2)
    capistrano-symfony (1.0.0.rc2)
      capistrano (~> 3.1)
      capistrano-composer (~> 0.0.3)
      capistrano-file-permissions (~> 1.0)
    i18n (0.8.1)
    net-scp (1.2.1)
      net-ssh (>= 2.6.5)
    net-ssh (4.1.0)
    rake (12.0.0)
    sshkit (1.13.1)
      net-scp (>= 1.1.2)
      net-ssh (>= 2.8.0)

PLATFORMS
  ruby

DEPENDENCIES
  capistrano (~> 3.8)
  capistrano-cachetool (~> 1.0.0)
  capistrano-deploytags (~> 1.0)
  capistrano-sumo (~> 1.1)
  capistrano-symfony (~> 1.0.0.rc1)

BUNDLED WITH
   1.15.3
